GEM
  remote: https://rubygems.org/
  specs:
    ffi (1.9.8)
    libnotify (0.9.1)
      ffi (>= 1.0.11)
    mini_portile (0.6.2)
    nokogiri (1.6.6.2)
      mini_portile (~> 0.6.0)

PLATFORMS
  ruby

DEPENDENCIES
  libnotify
  nokogiri
